STORAGE: NONE
RESTRICTION: || (== net5.0) (== netstandard2.0) (== netstandard2.1)
NUGET
  remote: https://api.nuget.org/v3/index.json
    FSharp.Core (7.0.200)
    FSharp.Data (5.0.2)
      FSharp.Core (>= 5.0.1)
    Suave (2.6.2)
      FSharp.Core  - restriction: || (== net5.0) (&& (== netstandard2.0) (>= netstandard2.1)) (== netstandard2.1)
